PATH
  remote: .
  specs:
    rest_connection (1.0.1)
      activesupport (= 2.3.10)
      highline
      json
      net-ssh (= 2.1.4)
      nokogiri
      rest-client

GEM
  remote: http://rubygems.org/
  specs:
    activesupport (2.3.10)
    columnize (0.3.6)
    highline (1.6.15)
    json (1.7.5)
    linecache (0.46)
      rbx-require-relative (> 0.0.4)
    mime-types (1.19)
    net-ssh (2.1.4)
    nokogiri (1.5.5)
    rake (0.8.7)
    rbx-require-relative (0.0.9)
    rest-client (1.6.7)
      mime-types (>= 1.16)
    rspec (1.3.0)
    ruby-debug (0.10.4)
      columnize (>= 0.1)
      ruby-debug-base (~> 0.10.4.0)
    ruby-debug-base (0.10.4)
      linecache (>= 0.3)

PLATFORMS
  ruby

DEPENDENCIES
  bundler
  rake (= 0.8.7)
  rest_connection!
  rspec (= 1.3.0)
  ruby-debug
